GEM
  remote: https://rubygems.org/
  specs:
    classy_struct (0.3.2)
    colorize (0.8.1)
    commander (4.4.7)
      highline (~> 2.0.0)
    domain_name (0.5.20180417)
      unf (>= 0.0.5, < 1.0.0)
    ffi (1.11.1-x64-mingw32)
    highline (2.0.2)
    http-cookie (1.0.3)
      domain_name (~> 0.5)
    mime-types (3.2.2)
      mime-types-data (~> 3.2015)
    mime-types-data (3.2019.0331)
    netrc (0.11.0)
    omnistruct (1.1.0)
      classy_struct (~> 0.3, >= 0.3.2)
    qif (1.2.0)
    rest-client (2.0.2-x64-mingw32)
      ffi (~> 1.9)
      http-cookie (>= 1.0.2, < 2.0)
      mime-types (>= 1.16, < 4.0)
      netrc (~> 0.8)
    unf (0.1.4)
      unf_ext
    unf_ext (0.0.7.6)

PLATFORMS
  x64-mingw32

DEPENDENCIES
  colorize
  commander
  omnistruct
  qif
  rest-client

BUNDLED WITH
   1.17.2
